PATH
  remote: .
  specs:
    monome_serial (1.2.0)
      activesupport (>= 2.3.4)
      ruby-termios (>= 0.9.6)

GEM
  remote: https://rubygems.org/
  specs:
    activesupport (4.0.3)
      i18n (~> 0.6, >= 0.6.4)
      minitest (~> 4.2)
      multi_json (~> 1.3)
      thread_safe (~> 0.1)
      tzinfo (~> 0.3.37)
    atomic (1.1.15)
    diff-lcs (1.2.4)
    i18n (0.6.9)
    minitest (4.7.5)
    multi_json (1.8.4)
    rake (10.1.1)
    rspec (2.13.0)
      rspec-core (~> 2.13.0)
      rspec-expectations (~> 2.13.0)
      rspec-mocks (~> 2.13.0)
    rspec-core (2.13.1)
    rspec-expectations (2.13.0)
      diff-lcs (>= 1.1.3, < 2.0)
    rspec-mocks (2.13.1)
    ruby-termios (0.9.6)
    thread_safe (0.2.0)
      atomic (>= 1.1.7, < 2)
    tzinfo (0.3.38)

PLATFORMS
  ruby

DEPENDENCIES
  monome_serial!
  rake (~> 10.1.1)
  rspec (~> 2.13)
